GEM
  remote: https://rubygems.org/
  specs:
    actionmailer (3.2.21)
      actionpack (= 3.2.21)
      mail (~> 2.5.4)
    actionpack (3.2.21)
      activemodel (= 3.2.21)
      activesupport (= 3.2.21)
      builder (~> 3.0.0)
      erubis (~> 2.7.0)
      journey (~> 1.0.4)
      rack (~> 1.4.5)
      rack-cache (~> 1.2)
      rack-test (~> 0.6.1)
      sprockets (~> 2.2.1)
    activemodel (3.2.21)
      activesupport (= 3.2.21)
      builder (~> 3.0.0)
    activerecord (3.2.21)
      activemodel (= 3.2.21)
      activesupport (= 3.2.21)
      arel (~> 3.0.2)
      tzinfo (~> 0.3.29)
    activeresource (3.2.21)
      activemodel (= 3.2.21)
      activesupport (= 3.2.21)
    activesupport (3.2.21)
      i18n (~> 0.6, >= 0.6.4)
      multi_json (~> 1.0)
    addressable (2.4.0)
    arel (3.0.3)
    axlsx (2.0.1)
      htmlentities (~> 4.3.1)
      nokogiri (>= 1.4.1)
      rubyzip (~> 1.0.0)
    axlsx_rails (0.4.0)
      axlsx (>= 2.0.1)
      rails (>= 3.1)
    bcrypt (3.1.11)
    bcrypt-ruby (3.0.0)
    bitters (1.3.1)
      bourbon (>= 5.0.0.beta.3)
      sass (~> 3.4)
      thor (~> 0.19)
    bootstrap-datepicker-rails (1.6.0.1)
      railties (>= 3.0)
    bourbon (5.0.0.beta.5)
      sass (~> 3.4)
      thor (~> 0.19)
    brakeman (3.2.1)
      erubis (~> 2.6)
      haml (>= 3.0, < 5.0)
      highline (>= 1.6.20, < 2.0)
      ruby2ruby (~> 2.3.0)
      ruby_parser (~> 3.8.1)
      safe_yaml (>= 1.0)
      sass (~> 3.0)
      slim (>= 1.3.6, < 4.0)
      terminal-table (~> 1.4)
    builder (3.0.4)
    bullet (5.0.0)
      activesupport (>= 3.0.0)
      uniform_notifier (~> 1.9.0)
    byebug (8.2.5)
    cancancan (1.13.1)
    capybara (2.7.1)
      addressable
      mime-types (>= 1.16)
      nokogiri (>= 1.3.3)
      rack (>= 1.0.0)
      rack-test (>= 0.5.4)
      xpath (~> 2.0)
    cliver (0.3.2)
    coderay (1.1.1)
    coffee-rails (3.2.2)
      coffee-script (>= 2.2.0)
      railties (~> 3.2.0)
    coffee-script (2.4.1)
      coffee-script-source
      execjs
    coffee-script-source (1.10.0)
    concurrent-ruby (1.0.2)
    cucumber (2.3.3)
      builder (>= 2.1.2)
      cucumber-core (~> 1.4.0)
      cucumber-wire (~> 0.0.1)
      diff-lcs (>= 1.1.3)
      gherkin (~> 3.2.0)
      multi_json (>= 1.7.5, < 2.0)
      multi_test (>= 0.1.2)
    cucumber-core (1.4.0)
      gherkin (~> 3.2.0)
    cucumber-rails (1.2.1)
      capybara (>= 1.1.2)
      cucumber (>= 1.1.3)
      nokogiri (>= 1.5.0)
    cucumber-wire (0.0.1)
    database_cleaner (0.7.0)
    devise (3.5.9)
      bcrypt (~> 3.0)
      orm_adapter (~> 0.1)
      railties (>= 3.2.6, < 5)
      responders
      thread_safe (~> 0.1)
      warden (~> 1.2.3)
    diff-lcs (1.2.5)
    docile (1.1.5)
    erubis (2.7.0)
    exception_notification (4.1.1)
      actionmailer (>= 3.0.4)
      activesupport (>= 3.0.4)
    execjs (2.6.0)
    factory_girl (2.3.2)
      activesupport
    factory_girl_rails (1.4.0)
      factory_girl (~> 2.3.0)
      railties (>= 3.0.0)
    faker (1.6.3)
      i18n (~> 0.5)
    figaro (1.1.1)
      thor (~> 0.14)
    font-awesome-sass (4.5.0)
      sass (>= 3.2)
    formatador (0.2.5)
    gherkin (3.2.0)
    growl (1.0.3)
    guard (1.7.0)
      formatador (>= 0.2.4)
      listen (>= 0.6.0)
      lumberjack (>= 1.0.2)
      pry (>= 0.9.10)
      thor (>= 0.14.6)
    guard-rspec (0.5.5)
      guard (>= 0.8.4)
    guard-spork (0.3.2)
      guard (>= 0.8.4)
      spork (>= 0.8.4)
    haml (4.0.7)
      tilt
    hashie (3.4.4)
    highline (1.7.8)
    hike (1.2.3)
    hirb (0.7.3)
    htmlentities (4.3.4)
    i18n (0.7.0)
    jasmine-core (2.4.1)
    jasmine-jquery-rails (2.0.3)
    jasmine-rails (0.12.4)
      jasmine-core (>= 1.3, < 3.0)
      phantomjs (>= 1.9)
      railties (>= 3.2.0)
      sprockets-rails
    journey (1.0.4)
    jquery-datatables-rails (3.1.1)
      actionpack (>= 3.1)
      jquery-rails
      railties (>= 3.1)
      sass-rails
    jquery-rails (3.1.4)
      railties (>= 3.0, < 5.0)
      thor (>= 0.14, < 2.0)
    jquery-tokeninput-rails (1.6.0)
    json (1.8.3)
    launchy (2.1.2)
      addressable (~> 2.3)
    listen (0.7.3)
    lumberjack (1.0.10)
    macaddr (1.7.1)
      systemu (~> 2.6.2)
    mail (2.5.4)
      mime-types (~> 1.16)
      treetop (~> 1.4.8)
    method_source (0.8.2)
    mime-types (1.25.1)
    mini_portile2 (2.0.0)
    multi_json (1.11.3)
    multi_test (0.1.2)
    neat (1.7.4)
      bourbon (>= 4.0)
      sass (>= 3.3)
    nested_form (0.3.2)
    nokogiri (1.6.7.2)
      mini_portile2 (~> 2.0.0.rc2)
    omniauth (1.2.2)
      hashie (>= 1.2, < 4)
      rack (~> 1.0)
    omniauth-saml (1.3.1)
      omniauth (~> 1.1)
      ruby-saml (~> 0.8.1)
    orm_adapter (0.5.0)
    pg (0.18.4)
    phantomjs (2.1.1.0)
    poltergeist (1.9.0)
      capybara (~> 2.1)
      cliver (~> 0.3.1)
      multi_json (~> 1.0)
      websocket-driver (>= 0.2.0)
    polyglot (0.3.5)
    pry (0.10.3)
      coderay (~> 1.1.0)
      method_source (~> 0.8.1)
      slop (~> 3.4)
    pry-byebug (3.3.0)
      byebug (~> 8.0)
      pry (~> 0.10)
    pry-nav (0.2.4)
      pry (>= 0.9.10, < 0.11.0)
    puma (3.4.0)
    rack (1.4.7)
    rack-cache (1.6.1)
      rack (>= 0.4)
    rack-ssl (1.3.4)
      rack
    rack-test (0.6.3)
      rack (>= 1.0)
    rack_session_access (0.1.1)
      builder (>= 2.0.0)
      rack (>= 1.0.0)
    rails (3.2.21)
      actionmailer (= 3.2.21)
      actionpack (= 3.2.21)
      activerecord (= 3.2.21)
      activeresource (= 3.2.21)
      activesupport (= 3.2.21)
      bundler (~> 1.0)
      railties (= 3.2.21)
    rails_12factor (0.0.3)
      rails_serve_static_assets
      rails_stdout_logging
    rails_serve_static_assets (0.0.5)
    rails_stdout_logging (0.0.5)
    railties (3.2.21)
      actionpack (= 3.2.21)
      activesupport (= 3.2.21)
      rack-ssl (~> 1.3.2)
      rake (>= 0.8.7)
      rdoc (~> 3.4)
      thor (>= 0.14.6, < 2.0)
    rake (11.1.2)
    rb-fsevent (0.9.1)
    rdoc (3.12.2)
      json (~> 1.4)
    responders (1.1.2)
      railties (>= 3.2, < 4.2)
    rspec-core (3.4.4)
      rspec-support (~> 3.4.0)
    rspec-expectations (3.4.0)
      diff-lcs (>= 1.2.0, < 2.0)
      rspec-support (~> 3.4.0)
    rspec-mocks (3.4.1)
      diff-lcs (>= 1.2.0, < 2.0)
      rspec-support (~> 3.4.0)
    rspec-rails (3.4.2)
      actionpack (>= 3.0, < 4.3)
      activesupport (>= 3.0, < 4.3)
      railties (>= 3.0, < 4.3)
      rspec-core (~> 3.4.0)
      rspec-expectations (~> 3.4.0)
      rspec-mocks (~> 3.4.0)
      rspec-support (~> 3.4.0)
    rspec-support (3.4.1)
    ruby-saml (0.8.2)
      nokogiri (>= 1.5.0)
      uuid (~> 2.3)
    ruby2ruby (2.3.0)
      ruby_parser (~> 3.1)
      sexp_processor (~> 4.0)
    ruby_parser (3.8.1)
      sexp_processor (~> 4.1)
    rubyzip (1.0.0)
    safe_yaml (1.0.4)
    sass (3.4.22)
    sass-rails (3.2.6)
      railties (~> 3.2.0)
      sass (>= 3.1.10)
      tilt (~> 1.3)
    sexp_processor (4.7.0)
    shoulda-matchers (1.3.0)
      activesupport (>= 3.0.0)
    simplecov (0.11.2)
      docile (~> 1.1.0)
      json (~> 1.8)
      simplecov-html (~> 0.10.0)
    simplecov-html (0.10.0)
    slim (3.0.6)
      temple (~> 0.7.3)
      tilt (>= 1.3.3, < 2.1)
    slop (3.6.0)
    spork (0.9.0)
    sprockets (2.2.3)
      hike (~> 1.2)
      multi_json (~> 1.0)
      rack (~> 1.0)
      tilt (~> 1.1, != 1.3.0)
    sprockets-rails (0.0.1)
      sprockets (>= 1.0.2)
    sucker_punch (2.0.2)
      concurrent-ruby (~> 1.0.0)
    systemu (2.6.5)
    temple (0.7.6)
    terminal-table (1.5.2)
    thor (0.19.1)
    thread_safe (0.3.5)
    tilt (1.4.1)
    treetop (1.4.15)
      polyglot
      polyglot (>= 0.3.1)
    tzinfo (0.3.49)
    uglifier (3.0.0)
      execjs (>= 0.3.0, < 3)
    uniform_notifier (1.9.0)
    uuid (2.3.8)
      macaddr (~> 1.0)
    warden (1.2.6)
      rack (>= 1.0)
    websocket-driver (0.6.3)
      websocket-extensions (>= 0.1.0)
    websocket-extensions (0.1.2)
    will_paginate (3.1.0)
    xpath (2.0.0)
      nokogiri (~> 1.3)

PLATFORMS
  ruby

DEPENDENCIES
  axlsx_rails
  bcrypt-ruby (= 3.0.0)
  bitters
  bootstrap-datepicker-rails
  bourbon
  brakeman
  bullet
  cancancan (~> 1.9)
  capybara
  coffee-rails (~> 3.2.1)
  cucumber-rails (= 1.2.1)
  database_cleaner (= 0.7.0)
  devise
  exception_notification
  factory_girl_rails (= 1.4.0)
  faker
  figaro
  font-awesome-sass
  growl (= 1.0.3)
  guard-rspec (= 0.5.5)
  guard-spork (= 0.3.2)
  hirb
  jasmine-jquery-rails
  jasmine-rails
  jquery-datatables-rails (~> 3.1.1)
  jquery-rails
  jquery-tokeninput-rails
  launchy (~> 2.1.2)
  neat
  nested_form
  omniauth (= 1.2.2)
  omniauth-saml (= 1.3.1)
  pg
  phantomjs
  poltergeist
  pry
  pry-byebug
  pry-nav
  puma
  rack_session_access
  rails (= 3.2.21)
  rails_12factor
  rake
  rb-fsevent (= 0.9.1)
  rspec-rails
  sass-rails (~> 3.2.3)
  shoulda-matchers (= 1.3.0)
  simplecov
  spork (= 0.9.0)
  sucker_punch
  uglifier (>= 1.0.3)
  will_paginate

RUBY VERSION
   ruby 2.1.6p336

BUNDLED WITH
   1.12.1
